GEM
  remote: http://rubygems.org/
  specs:
    bench (1.0.0)
    childprocess (0.2.6)
      ffi (~> 1.0.6)
    ffi (1.0.11)
    multi_json (1.0.4)
    rubyzip (0.9.5)
    selenium-webdriver (2.16.0)
      childprocess (>= 0.2.5)
      ffi (~> 1.0.9)
      multi_json (~> 1.0.4)
      rubyzip
    watir-webdriver (0.4.1)
      selenium-webdriver (>= 2.12.0)

PLATFORMS
  ruby

DEPENDENCIES
  bench (> 0.0.0)
  watir-webdriver (> 0.2.4)
